GEM
  remote: https://rubygems.org/
  specs:
    addressable (2.3.3)
    bourne (1.3.2)
      mocha (= 0.13.2)
    colored (1.2)
    crack (0.3.2)
    diff-lcs (1.2.1)
    json (1.7.7)
    json-schema (1.1.1)
    metaclass (0.0.1)
    mime-types (1.22)
    mocha (0.13.2)
      metaclass (~> 0.0.1)
    rake (10.0.3)
    rest-client (1.6.7)
      mime-types (>= 1.16)
    rspec (2.13.0)
      rspec-core (~> 2.13.0)
      rspec-expectations (~> 2.13.0)
      rspec-mocks (~> 2.13.0)
    rspec-core (2.13.0)
    rspec-expectations (2.13.0)
      diff-lcs (>= 1.1.3, < 2.0)
    rspec-mocks (2.13.0)
    webmock (1.11.0)
      addressable (>= 2.2.7)
      crack (>= 0.3.2)

PLATFORMS
  ruby

DEPENDENCIES
  bourne
  colored
  json
  json-schema
  mocha
  rake
  rest-client
  rspec
  webmock
